GIT
  remote: git://github.com/roo-rb/roo-xls.git
  revision: 0a5ef88c8312c48b1a97cefa9e5f21e9a7f64209
  ref: 0a5ef88
  specs:
    roo-xls (1.0.0)
      nokogiri
      roo (>= 2.0.0beta1, < 3)
      spreadsheet (> 0.9.0)

GEM
  specs:
    diff-lcs (1.2.5)
    mini_portile (0.6.2)
    nokogiri (1.6.6.2)
      mini_portile (~> 0.6.0)
    roo (2.1.1)
      nokogiri (~> 1)
      rubyzip (~> 1.1, < 2.0.0)
    rspec (3.3.0)
      rspec-core (~> 3.3.0)
      rspec-expectations (~> 3.3.0)
      rspec-mocks (~> 3.3.0)
    rspec-core (3.3.2)
      rspec-support (~> 3.3.0)
    rspec-expectations (3.3.1)
      diff-lcs (>= 1.2.0, < 2.0)
      rspec-support (~> 3.3.0)
    rspec-mocks (3.3.2)
      diff-lcs (>= 1.2.0, < 2.0)
      rspec-support (~> 3.3.0)
    rspec-support (3.3.0)
    ruby-ole (1.2.11.8)
    rubyzip (1.1.7)
    spreadsheet (1.0.8)
      ruby-ole (>= 1.0)

PLATFORMS
  ruby

DEPENDENCIES
  roo (~> 2.1, >= 2.1.1)
  roo-xls!
  rspec (~> 3.3)

BUNDLED WITH
   1.10.6
